GEM
  remote: https://rubygems.org/
  specs:
    addressable (2.5.1)
      public_suffix (~> 2.0, >= 2.0.2)
    bond (0.5.1)
    domain_name (0.5.20170404)
      unf (>= 0.0.5, < 1.0.0)
    econfig (2.0.0)
    ffi (1.9.18)
    hirb (0.7.3)
    http (2.2.2)
      addressable (~> 2.3)
      http-cookie (~> 1.0)
      http-form_data (~> 1.0.1)
      http_parser.rb (~> 0.6.0)
    http-cookie (1.0.3)
      domain_name (~> 0.5)
    http-form_data (1.0.3)
    http_parser.rb (0.6.0)
    json (2.1.0)
    listen (3.1.5)
      rb-fsevent (~> 0.9, >= 0.9.4)
      rb-inotify (~> 0.9, >= 0.9.7)
      ruby_dep (~> 1.2)
    minitest (5.10.2)
    minitest-rg (5.2.0)
      minitest (~> 5.0)
    mustermann (1.0.0)
    pg (0.20.0)
    public_suffix (2.0.5)
    puma (3.9.1)
    rack (2.0.3)
    rack-protection (2.0.0)
      rack
    rack-test (0.6.3)
      rack (>= 1.0)
    rake (12.0.0)
    rb-fsevent (0.9.8)
    rb-inotify (0.9.8)
      ffi (>= 0.5.0)
    rbnacl (4.0.2)
      ffi
    rbnacl-libsodium (1.0.11)
      rbnacl (>= 3.0.1)
    rerun (0.11.0)
      listen (~> 3.0)
    ripl (0.7.1)
      bond (~> 0.5.1)
    ripl-multi_line (0.3.1)
      ripl (>= 0.3.6)
    ripl-rack (0.2.1)
      rack (>= 1.0)
      rack-test (~> 0.6.2)
      ripl (>= 0.7.0)
    ruby_dep (1.5.0)
    sequel (4.47.0)
    sequel-seed (1.0.0)
      sequel (>= 4.0)
    sinatra (2.0.0)
      mustermann (~> 1.0)
      rack (~> 2.0)
      rack-protection (= 2.0.0)
      tilt (~> 2.0)
    sqlite3 (1.3.13)
    tilt (2.0.7)
    tux (0.3.0)
      ripl (>= 0.3.5)
      ripl-multi_line (>= 0.2.4)
      ripl-rack (>= 0.2.0)
      sinatra (>= 1.2.1)
    unf (0.1.4)
      unf_ext
    unf_ext (0.0.7.4)

PLATFORMS
  ruby

DEPENDENCIES
  econfig
  hirb
  http
  json
  minitest
  minitest-rg
  pg
  puma
  rack
  rack-test
  rake
  rbnacl-libsodium
  rerun
  sequel
  sequel-seed
  sinatra
  sqlite3
  tux

RUBY VERSION
   ruby 2.4.0p0

BUNDLED WITH
   1.14.6
